GEM
  remote: http://rubygems.org/
  specs:
    activemodel (4.2.3)
      activesupport (= 4.2.3)
      builder (~> 3.1)
    activesupport (4.2.3)
      i18n (~> 0.7)
      json (~> 1.7, >= 1.7.7)
      minitest (~> 5.1)
      thread_safe (~> 0.3, >= 0.3.4)
      tzinfo (~> 1.1)
    builder (3.2.2)
    carrierwave (0.10.0)
      activemodel (>= 3.2.0)
      activesupport (>= 3.2.0)
      json (>= 1.7)
      mime-types (>= 1.16)
    carrierwave-sequel (0.1.0)
      carrierwave
      sequel
    haml (4.0.6)
      tilt
    i18n (0.7.0)
    json (1.8.3)
    mime-types (2.6.1)
    mini_magick (4.2.7)
    minitest (5.7.0)
    rack (1.6.4)
    rack-protection (1.5.3)
      rack
    sequel (4.24.0)
    sinatra (1.4.6)
      rack (~> 1.4)
      rack-protection (~> 1.4)
      tilt (>= 1.3, < 3)
    sqlite3 (1.3.10-x86-mingw32)
    thread_safe (0.3.5)
    tilt (2.0.1)
    time_ago_in_words (0.1.1)
    tzinfo (1.2.2)
      thread_safe (~> 0.1)

PLATFORMS
  x86-mingw32

DEPENDENCIES
  carrierwave
  carrierwave-sequel
  haml
  mini_magick
  sequel
  sinatra
  sqlite3
  time_ago_in_words
